PATH
  remote: .
  specs:
    tropo-provisioning (0.0.22)
      activesupport
      hashie (>= 0.2.1)
      i18n

GEM
  remote: http://rubygems.org/
  specs:
    activesupport (3.1.3)
      multi_json (~> 1.0)
    diff-lcs (1.1.2)
    fakeweb (1.3.0)
    hashie (1.2.0)
    i18n (0.6.0)
    multi_json (1.0.4)
    rdoc (3.9.4)
    rspec (2.3.0)
      rspec-core (~> 2.3.0)
      rspec-expectations (~> 2.3.0)
      rspec-mocks (~> 2.3.0)
    rspec-core (2.3.1)
    rspec-expectations (2.3.0)
      diff-lcs (~> 1.1.2)
    rspec-mocks (2.3.0)
    yard (0.7.2)

PLATFORMS
  ruby

DEPENDENCIES
  fakeweb
  rdoc
  rspec
  tropo-provisioning!
  yard
