GEM
  remote: http://rubygems.org/
  specs:
    activesupport (3.0.3)
    diff-lcs (1.1.2)
    fakeweb (1.3.0)
    hashie (0.4.0)
    i18n (0.5.0)
    rspec (2.3.0)
      rspec-core (~> 2.3.0)
      rspec-expectations (~> 2.3.0)
      rspec-mocks (~> 2.3.0)
    rspec-core (2.3.1)
    rspec-expectations (2.3.0)
      diff-lcs (~> 1.1.2)
    rspec-mocks (2.3.0)

PLATFORMS
  ruby

DEPENDENCIES
  activesupport
  fakeweb
  hashie
  i18n
  rspec
